GEM
  remote: http://rubygems.org/
  specs:
    git (1.2.5)
    jeweler (1.5.2)
      bundler (~> 1.0.0)
      git (>= 1.2.5)
      rake
    rake (0.8.7)
    rcov (0.9.9)
    right_aws (2.0.0)
      right_http_connection (>= 1.2.1)
    right_http_connection (1.2.4)
    shoulda (2.11.3)

PLATFORMS
  ruby

DEPENDENCIES
  bundler (~> 1.0.0)
  jeweler (~> 1.5.2)
  rcov
  right_aws (>= 2.0.0)
  shoulda
